GIT
  remote: https://github.com/chriseppstein/compass.git
  revision: 656f12a4abb4e8cfa13e19248ac81a9dcf7ede15
  specs:
    compass (0.12.alpha.0.656f12a)
      chunky_png (~> 1.2)
      fssm (>= 0.2.7)
      sass (~> 3.1)

GEM
  remote: http://rubygems.org/
  specs:
    actionmailer (3.1.1.rc1)
      actionpack (= 3.1.1.rc1)
      mail (~> 2.3.0)
    actionpack (3.1.1.rc1)
      activemodel (= 3.1.1.rc1)
      activesupport (= 3.1.1.rc1)
      builder (~> 3.0.0)
      erubis (~> 2.7.0)
      i18n (~> 0.6)
      rack (~> 1.3.2)
      rack-cache (~> 1.0.3)
      rack-mount (~> 0.8.2)
      rack-test (~> 0.6.1)
      sprockets (~> 2.0.0)
    activeadmin (0.3.2)
      devise (>= 1.1.2)
      fastercsv
      formtastic (< 2.0.0)
      inherited_resources (< 1.3.0)
      kaminari (>= 0.12.4)
      meta_search (>= 0.9.2)
      rails (>= 3.0.0)
      sass (>= 3.1.0)
    activemodel (3.1.1.rc1)
      activesupport (= 3.1.1.rc1)
      builder (~> 3.0.0)
      i18n (~> 0.6)
    activerecord (3.1.1.rc1)
      activemodel (= 3.1.1.rc1)
      activesupport (= 3.1.1.rc1)
      arel (~> 2.2.1)
      tzinfo (~> 0.3.29)
    activeresource (3.1.1.rc1)
      activemodel (= 3.1.1.rc1)
      activesupport (= 3.1.1.rc1)
    activesupport (3.1.1.rc1)
      multi_json (~> 1.0)
    acts_as_list (0.1.4)
    acts_as_tree (0.1.1)
    arel (2.2.1)
    aws-s3 (0.6.2)
      builder
      mime-types
      xml-simple
    bcrypt-ruby (3.0.1)
    builder (3.0.0)
    cancan (1.6.6)
    capybara (1.1.1)
      mime-types (>= 1.16)
      nokogiri (>= 1.3.3)
      rack (>= 1.0.0)
      rack-test (>= 0.5.4)
      selenium-webdriver (~> 2.0)
      xpath (~> 0.1.4)
    childprocess (0.2.2)
      ffi (~> 1.0.6)
    chunky_png (1.2.5)
    cocaine (0.2.0)
    coffee-rails (3.1.1)
      coffee-script (>= 2.2.0)
      railties (~> 3.1.0)
    coffee-script (2.2.0)
      coffee-script-source
      execjs
    coffee-script-source (1.1.2)
    css3buttons (1.0.1)
      actionpack (>= 3.0.0)
    daemons (1.1.4)
    database_cleaner (0.6.7)
    devise (1.4.7)
      bcrypt-ruby (~> 3.0)
      orm_adapter (~> 0.0.3)
      warden (~> 1.0.3)
    erubis (2.7.0)
    eventmachine (0.12.10)
    execjs (1.2.9)
      multi_json (~> 1.0)
    factory_girl (2.1.2)
      activesupport
    factory_girl_rails (1.2.0)
      factory_girl (~> 2.1.0)
      railties (>= 3.0.0)
    fastercsv (1.5.4)
    ffi (1.0.9)
    formtastic (1.2.4)
      actionpack (>= 2.3.7)
      activesupport (>= 2.3.7)
      i18n (~> 0.4)
    fssm (0.2.7)
    haml (3.1.3)
    has_scope (0.5.1)
    hike (1.2.1)
    hoptoad_notifier (2.4.11)
      activesupport
      builder
    i18n (0.6.0)
    inherited_resources (1.2.2)
      has_scope (~> 0.5.0)
      responders (~> 0.6.0)
    json_pure (1.6.1)
    kaminari (0.12.4)
      rails (>= 3.0.0)
    mail (2.3.0)
      i18n (>= 0.4.0)
      mime-types (~> 1.16)
      treetop (~> 1.4.8)
    meta_search (1.1.1)
      actionpack (~> 3.1.0)
      activerecord (~> 3.1.0)
      activesupport (~> 3.1.0)
      polyamorous (~> 0.5.0)
    mime-types (1.16)
    multi_json (1.0.3)
    nokogiri (1.5.0)
    orm_adapter (0.0.5)
    paperclip (2.4.2)
      activerecord (>= 2.3.0)
      activesupport (>= 2.3.2)
      cocaine (>= 0.0.2)
      mime-types
    pg (0.11.0)
    polyamorous (0.5.0)
      activerecord (~> 3.0)
    polyglot (0.3.2)
    rack (1.3.4)
    rack-cache (1.0.3)
      rack (>= 0.4)
    rack-mount (0.8.3)
      rack (>= 1.0.0)
    rack-ssl (1.3.2)
      rack
    rack-test (0.6.1)
      rack (>= 1.0)
    rails (3.1.1.rc1)
      actionmailer (= 3.1.1.rc1)
      actionpack (= 3.1.1.rc1)
      activerecord (= 3.1.1.rc1)
      activeresource (= 3.1.1.rc1)
      activesupport (= 3.1.1.rc1)
      bundler (~> 1.0)
      railties (= 3.1.1.rc1)
    railties (3.1.1.rc1)
      actionpack (= 3.1.1.rc1)
      activesupport (= 3.1.1.rc1)
      rack-ssl (~> 1.3.2)
      rake (>= 0.8.7)
      rdoc (~> 3.4)
      thor (~> 0.14.6)
    rake (0.9.3.beta.1)
    rdoc (3.9.4)
    redcarpet (1.17.2)
    responders (0.6.4)
    rubyzip (0.9.4)
    sass (3.1.8)
    sass-rails (3.1.4)
      actionpack (~> 3.1.0)
      railties (~> 3.1.0)
      sass (>= 3.1.4)
      sprockets (~> 2.0.0)
      tilt (~> 1.3.2)
    selenium-webdriver (2.7.0)
      childprocess (>= 0.2.1)
      ffi (>= 1.0.7)
      json_pure
      rubyzip
    shoulda-context (1.0.0.beta1)
    shoulda-matchers (1.0.0.beta3)
    sprockets (2.0.2)
      hike (~> 1.2)
      rack (~> 1.0)
      tilt (~> 1.1, != 1.3.0)
    thin (1.2.11)
      daemons (>= 1.0.9)
      eventmachine (>= 0.12.6)
      rack (>= 1.0.0)
    thor (0.14.6)
    tilt (1.3.3)
    transitions (0.0.10)
    treetop (1.4.10)
      polyglot
      polyglot (>= 0.3.1)
    tzinfo (0.3.30)
    uglifier (1.0.3)
      execjs (>= 0.3.0)
      multi_json (>= 1.0.2)
    warden (1.0.5)
      rack (>= 1.0)
    xml-simple (1.1.0)
    xpath (0.1.4)
      nokogiri (~> 1.3)

PLATFORMS
  ruby

DEPENDENCIES
  activeadmin
  acts_as_list
  acts_as_tree
  aws-s3
  cancan
  capybara
  coffee-rails (~> 3.1.0)
  compass!
  css3buttons
  database_cleaner
  devise
  factory_girl_rails
  haml
  hoptoad_notifier
  meta_search (>= 1.1.0.pre)
  paperclip (~> 2.4)
  pg
  rails (= 3.1.1.rc1)
  rake (= 0.9.3.beta1)
  redcarpet
  sass-rails (~> 3.1.0)
  shoulda-context
  shoulda-matchers
  thin
  transitions
  uglifier
